PATH
  remote: .
  specs:
    rack-bouncer (1.1.1)

GEM
  remote: http://rubygems.org/
  specs:
    minitest (2.11.1)
    rack (1.4.1)

PLATFORMS
  ruby

DEPENDENCIES
  minitest (~> 2.11.1)
  rack (~> 1.4.1)
  rack-bouncer!
